GEM
  remote: https://rubygems.org/
  specs:
    byebug (11.1.3)

PLATFORMS
  arm64-darwin-22

DEPENDENCIES
  byebug

RUBY VERSION
   ruby 3.2.0p0

BUNDLED WITH
   2.4.1
